GEM
  remote: https://rubygems.org/
  specs:
    auto_reloader (0.4.1)
    base64 (0.2.0)
    bcrypt (3.1.20)
    faraday (2.9.0)
      faraday-net_http (>= 2.0, < 3.2)
    faraday-follow_redirects (0.3.0)
      faraday (>= 1, < 3)
    faraday-multipart (1.0.4)
      multipart-post (~> 2)
    faraday-net_http (3.1.0)
      net-http
    hashie (5.0.0)
    json (2.6.3)
    jwt (2.8.1)
      base64
    multipart-post (2.4.0)
    mustermann (1.1.2)
      ruby2_keywords (~> 0.0.1)
    net-http (0.4.1)
      uri
    nio4r (2.7.1)
    puma (5.3.2)
      nio4r (~> 2.0)
    rack (2.2.9)
    rack-cors (2.0.2)
      rack (>= 2.0.0)
    rack-protection (2.1.0)
      rack
    rake (13.0.6)
    restforce (7.3.1)
      faraday (>= 1.1.0, < 2.10.0)
      faraday-follow_redirects (<= 0.3.0, < 1.0.0)
      faraday-multipart (>= 1.0.0, < 2.0.0)
      faraday-net_http (< 4.0.0)
      hashie (>= 1.2.0, < 6.0)
      jwt (>= 1.5.6)
    roda (3.52.0)
      rack
    ruby2_keywords (0.0.5)
    sequel (5.52.0)
    sinatra (2.1.0)
      mustermann (~> 1.0)
      rack (~> 2.2)
      rack-protection (= 2.1.0)
      tilt (~> 2.0)
    sqlite3 (1.7.3-x64-mingw-ucrt)
    tilt (2.3.0)
    uri (0.13.0)

PLATFORMS
  x64-mingw-ucrt

DEPENDENCIES
  auto_reloader (~> 0.4.0)
  bcrypt (~> 3.1.0)
  json (~> 2.6.0)
  puma (~> 5.3.0)
  rack (~> 2.2.0)
  rack-cors (~> 2.0.0)
  rake (~> 13.0.0)
  restforce
  roda (~> 3.52.0)
  sequel (~> 5.52.0)
  sinatra (~> 2.1.0)
  sqlite3 (~> 1.4)
  tilt

BUNDLED WITH
   2.4.17
